GEM
  remote: https://rubygems.org/
  specs:
    colorize (1.1.0)
    highline (3.1.1)
      reline
    io-console (0.7.2)
    reline (0.5.10)
      io-console (~> 0.5)

PLATFORMS
  ruby
  x86_64-linux

DEPENDENCIES
  colorize (~> 1.1.0)
  highline (~> 3.1.1)

BUNDLED WITH
   2.5.16
